GEM
  remote: https://rubygems.org/
  specs:
    equatable (0.6.1)
    html2markdown (0.0.3)
      nokogiri
    md2review (1.12.1)
      redcarpet (> 2.0.0)
    mini_portile2 (2.4.0)
    necromancer (0.5.1)
    nokogiri (1.10.5)
      mini_portile2 (~> 2.4.0)
    pastel (0.7.3)
      equatable (~> 0.6)
      tty-color (~> 0.5)
    redcarpet (3.5.0)
    tty-color (0.5.0)
    tty-cursor (0.7.0)
    tty-prompt (0.20.0)
      necromancer (~> 0.5.0)
      pastel (~> 0.7.0)
      tty-reader (~> 0.7.0)
    tty-reader (0.7.0)
      tty-cursor (~> 0.7)
      tty-screen (~> 0.7)
      wisper (~> 2.0.0)
    tty-screen (0.7.0)
    wisper (2.0.1)

PLATFORMS
  ruby

DEPENDENCIES
  html2markdown
  md2review
  nokogiri
  tty-prompt

BUNDLED WITH
   2.1.0.pre.3
